GEM
  remote: https://rubygems.org/
  specs:
    ansi (1.5.0)
    builder (3.2.3)
    exifr (1.3.4)
    mimemagic (0.3.2)
    minitest (5.11.3)
    minitest-reporters (1.3.5)
      ansi
      builder
      minitest (>= 5.0)
      ruby-progressbar
    rake (12.3.1)
    ruby-progressbar (1.10.0)
    yard (0.9.16)

PLATFORMS
  ruby

DEPENDENCIES
  exifr
  mimemagic
  minitest
  minitest-reporters
  rake
  yard

BUNDLED WITH
   1.17.1
